GEM
  remote: http://rubygems.org/
  specs:
    ansi (1.4.3)
    minitest (3.3.0)
    turn (0.9.6)
      ansi

PLATFORMS
  ruby

DEPENDENCIES
  minitest
  turn
