GEM
  remote: http://rubygems.org/
  specs:
    ansi (1.4.3)
    httparty (0.8.3)
      multi_json (~> 1.0)
      multi_xml
    minitest (3.3.0)
    multi_json (1.3.6)
    multi_xml (0.5.1)
    turn (0.9.6)
      ansi

PLATFORMS
  ruby

DEPENDENCIES
  httparty
  minitest
  turn
