GEM
  remote: http://rubygems.org/
  specs:
    ansi (1.4.3)
    git (1.2.5)
    httparty (0.8.3)
      multi_json (~> 1.0)
      multi_xml
    jeweler (1.8.4)
      bundler (~> 1.0)
      git (>= 1.2.5)
      rake
      rdoc
    json (1.7.5)
    minitest (3.3.0)
    multi_json (1.3.6)
    multi_xml (0.5.1)
    rake (0.9.2.2)
    rdoc (3.12)
      json (~> 1.4)
    turn (0.9.6)
      ansi

PLATFORMS
  ruby

DEPENDENCIES
  httparty
  jeweler
  minitest
  turn
